PATH
  remote: .
  specs:
    diminutivity (0.0.6)

GEM
  remote: http://rubygems.org/
  specs:
    minitest (2.11.4)
    minitest-matchers (1.2.0)
      minitest (>= 2.5.0)
    rake (0.9.2.2)

PLATFORMS
  ruby

DEPENDENCIES
  bundler
  diminutivity!
  minitest
  minitest-matchers
  rake
